GEM
  remote: https://rubygems.org/
  specs:
    Ruby-IRC (1.0.13)
    ZenTest (4.8.2)
    autotest (4.4.6)
      ZenTest (>= 4.4.1)
    builder (3.1.3)
    diff-lcs (1.1.3)
    happymapper (0.4.0)
      libxml-ruby (~> 2.0)
    irc (0.0.2)
    libxml-ruby (2.3.3)
    logger (1.2.8)
    mime-types (1.19)
    nokogiri (1.5.5)
    pivotal-tracker (0.5.6)
      builder
      builder
      happymapper (>= 0.3.2)
      happymapper (>= 0.3.2)
      nokogiri (>= 1.4.3)
      nokogiri (~> 1.4)
      rest-client (~> 1.6.0)
      rest-client (~> 1.6.0)
    rest-client (1.6.7)
      mime-types (>= 1.16)
    rspec (2.11.0)
      rspec-core (~> 2.11.0)
      rspec-expectations (~> 2.11.0)
      rspec-mocks (~> 2.11.0)
    rspec-core (2.11.1)
    rspec-expectations (2.11.3)
      diff-lcs (~> 1.1.3)
    rspec-mocks (2.11.3)

PLATFORMS
  ruby

DEPENDENCIES
  Ruby-IRC
  autotest
  builder
  irc
  logger
  pivotal-tracker
  rspec
